GEM
  remote: https://rubygems.org/
  specs:
    iodine (0.7.58)
    rack (3.1.7)
    roda (3.82.0)
      rack

PLATFORMS
  arm64-darwin-23
  ruby

DEPENDENCIES
  iodine
  roda

BUNDLED WITH
   2.5.16
