GIT
  remote: https://github.com/boazsegev/iodine.git
  revision: 93f35270cec231bf1e019c875840325d8816e686
  specs:
    iodine (0.7.58)

GEM
  remote: https://rubygems.org/
  specs:
    ast (2.4.3)
    auto_reloader (0.6.0)
    base64 (0.2.0)
    bigdecimal (3.1.9)
    erubi (1.13.1)
    hanami-router (0.6.2)
      hanami-utils (~> 0.7)
      http_router (~> 0.11)
    hanami-utils (0.9.2)
    http_router (0.11.2)
      rack (>= 1.0.0)
      url_mount (~> 0.2.1)
    json (2.10.2)
    language_server-protocol (3.17.0.4)
    lint_roller (1.1.0)
    litestack (0.4.3)
      erubi
      hanami-router
      oj
      rack
      sqlite3
      tilt
    mini_portile2 (2.8.8)
    oj (3.16.10)
      bigdecimal (>= 3.0)
      ostruct (>= 0.2)
    ostruct (0.6.1)
    parallel (1.26.3)
    parser (3.3.7.4)
      ast (~> 2.4.1)
      racc
    prism (1.4.0)
    racc (1.8.1)
    rack (3.1.12)
    rainbow (3.1.1)
    regexp_parser (2.10.0)
    roda (3.91.0)
      rack
    rubocop (1.75.2)
      json (~> 2.3)
      language_server-protocol (~> 3.17.0.2)
      lint_roller (~> 1.1.0)
      parallel (~> 1.10)
      parser (>= 3.3.0.2)
      rainbow (>= 2.2.2, < 4.0)
      regexp_parser (>= 2.9.3, < 3.0)
      rubocop-ast (>= 1.44.0, < 2.0)
      ruby-progressbar (~> 1.7)
      unicode-display_width (>= 2.4.0, < 4.0)
    rubocop-ast (1.44.1)
      parser (>= 3.3.7.2)
      prism (~> 1.4)
    rubocop-performance (1.25.0)
      lint_roller (~> 1.1)
      rubocop (>= 1.75.0, < 2.0)
      rubocop-ast (>= 1.38.0, < 2.0)
    ruby-progressbar (1.13.0)
    sequel (5.91.0)
      bigdecimal
    sqlite3 (2.6.0)
      mini_portile2 (~> 2.8.0)
    sqlite3 (2.6.0-arm64-darwin)
    standard (1.49.0)
      language_server-protocol (~> 3.17.0.2)
      lint_roller (~> 1.0)
      rubocop (~> 1.75.2)
      standard-custom (~> 1.0.0)
      standard-performance (~> 1.8)
    standard-custom (1.0.2)
      lint_roller (~> 1.0)
      rubocop (~> 1.50)
    standard-performance (1.8.0)
      lint_roller (~> 1.1)
      rubocop-performance (~> 1.25.0)
    tilt (2.6.0)
    unicode-display_width (3.1.4)
      unicode-emoji (~> 4.0, >= 4.0.4)
    unicode-emoji (4.0.4)
    url_mount (0.2.1)
      rack

PLATFORMS
  arm64-darwin-23
  ruby

DEPENDENCIES
  auto_reloader
  base64
  erubi
  iodine!
  litestack
  roda
  sequel
  sqlite3
  standard
  tilt

BUNDLED WITH
   2.6.7
