GEM
  remote: https://rubygems.org/
  specs:
    nio4r (2.7.3)
    puma (6.4.2)
      nio4r (~> 2.0)
    rack (3.1.7)
    roda (3.82.0)
      rack

PLATFORMS
  arm64-darwin-23
  ruby

DEPENDENCIES
  puma
  roda

BUNDLED WITH
   2.5.16
